PATH
  remote: .
  specs:
    ysd_md_booking (0.3.200)
      data_mapper (= 1.2.0)
      delayed_job
      delayed_job_data_mapper
      dm-observer
      json
      prawn
      prawn-table
      ysd_md_audit
      ysd_md_business_events
      ysd_md_calendar
      ysd_md_cms
      ysd_md_location
      ysd_md_payment
      ysd_md_rates
      ysd_md_translation
      ysd_md_yito
      ysd_service_postal

GEM
  remote: https://rubygems.org/
  specs:
    activemodel (3.2.22.5)
      activesupport (= 3.2.22.5)
      builder (~> 3.0.0)
    activesupport (3.2.22.5)
      i18n (~> 0.6, >= 0.6.4)
      multi_json (~> 1.0)
    addressable (2.5.0)
      public_suffix (~> 2.0, >= 2.0.2)
    bcrypt (3.1.11)
    bcrypt-ruby (3.1.5)
      bcrypt (>= 3.1.3)
    bson (4.2.1)
    builder (3.0.4)
    data_mapper (1.2.0)
      dm-aggregates (~> 1.2.0)
      dm-constraints (~> 1.2.0)
      dm-core (~> 1.2.0)
      dm-migrations (~> 1.2.0)
      dm-serializer (~> 1.2.0)
      dm-timestamps (~> 1.2.0)
      dm-transactions (~> 1.2.0)
      dm-types (~> 1.2.0)
      dm-validations (~> 1.2.0)
    data_objects (0.10.8)
      addressable (~> 2.1)
    delayed_job (4.1.2)
      activesupport (>= 3.0, < 5.1)
    delayed_job_data_mapper (1.0.0)
      delayed_job (~> 4.0)
      dm-active_model (~> 1.0)
      dm-core (~> 1.0)
      i18n
      tzinfo
    diff-lcs (1.3)
    dm-active_model (1.2.1)
      activemodel (~> 3.0)
      dm-core (~> 1.2.0)
    dm-aggregates (1.2.0)
      dm-core (~> 1.2.0)
    dm-constraints (1.2.0)
      dm-core (~> 1.2.0)
    dm-core (1.2.1)
      addressable (~> 2.3)
    dm-do-adapter (1.2.0)
      data_objects (~> 0.10.6)
      dm-core (~> 1.2.0)
    dm-migrations (1.2.0)
      dm-core (~> 1.2.0)
    dm-observer (1.2.0)
      dm-core (~> 1.2.0)
    dm-postgres-adapter (1.2.0)
      dm-do-adapter (~> 1.2.0)
      do_postgres (~> 0.10.6)
    dm-serializer (1.2.2)
      dm-core (~> 1.2.0)
      fastercsv (~> 1.5)
      json (~> 1.6)
      json_pure (~> 1.6)
      multi_json (~> 1.0)
    dm-sqlite-adapter (1.2.0)
      dm-do-adapter (~> 1.2.0)
      do_sqlite3 (~> 0.10.6)
    dm-timestamps (1.2.0)
      dm-core (~> 1.2.0)
    dm-transactions (1.2.0)
      dm-core (~> 1.2.0)
    dm-types (1.2.2)
      bcrypt-ruby (~> 3.0)
      dm-core (~> 1.2.0)
      fastercsv (~> 1.5)
      json (~> 1.6)
      multi_json (~> 1.0)
      stringex (~> 1.4)
      uuidtools (~> 2.1)
    dm-validations (1.2.0)
      dm-core (~> 1.2.0)
    dm-ysd-encrypted (0.1.2)
    do_postgres (0.10.8)
      data_objects (= 0.10.8)
    do_sqlite3 (0.10.8)
      data_objects (= 0.10.8)
    fastercsv (1.5.5)
    i18n (0.8.1)
    json (1.8.6)
    json_pure (1.8.6)
    macaddr (1.7.1)
      systemu (~> 2.6.2)
    mail (2.6.4)
      mime-types (>= 1.16, < 4)
    mime-types (3.1)
      mime-types-data (~> 3.2015)
    mime-types-data (3.2016.0521)
    mongo (2.4.1)
      bson (>= 4.2.1, < 5.0.0)
    multi_json (1.12.1)
    pdf-core (0.7.0)
    pony (1.11)
      mail (>= 2.0)
    prawn (2.2.2)
      pdf-core (~> 0.7.0)
      ttfunk (~> 1.5)
    prawn-table (0.2.2)
      prawn (>= 1.3.0, < 3.0.0)
    public_suffix (2.0.5)
    r18n-core (2.1.5)
    rack (1.6.5)
    rack-protection (1.5.3)
      rack
    rake (12.0.0)
    rspec (3.5.0)
      rspec-core (~> 3.5.0)
      rspec-expectations (~> 3.5.0)
      rspec-mocks (~> 3.5.0)
    rspec-core (3.5.4)
      rspec-support (~> 3.5.0)
    rspec-expectations (3.5.0)
      diff-lcs (>= 1.2.0, < 2.0)
      rspec-support (~> 3.5.0)
    rspec-its (1.2.0)
      rspec-core (>= 3.0.0)
      rspec-expectations (>= 3.0.0)
    rspec-mocks (3.5.0)
      diff-lcs (>= 1.2.0, < 2.0)
      rspec-support (~> 3.5.0)
    rspec-support (3.5.0)
    sinatra (1.4.6)
      rack (~> 1.4)
      rack-protection (~> 1.4)
      tilt (>= 1.3, < 3)
    stringex (1.5.1)
    systemu (2.6.5)
    thread_safe (0.3.6)
    tilt (2.0.7)
    tlsmail (0.0.1)
    ttfunk (1.5.0)
    tzinfo (1.2.3)
      thread_safe (~> 0.1)
    unicode_utils (1.4.0)
    useragent (0.16.8)
    uuid (2.3.5)
      macaddr (~> 1.0)
    uuidtools (2.1.5)
    ysd-persistence (0.2.31)
      mongo
      ysd_md_comparison
      ysd_md_system
    ysd_core_plugins (0.2.19)
      data_mapper (= 1.2.0)
      json
      sinatra
      ysd_md_configuration (~> 0.2)
    ysd_data_analysis (0.1.0)
    ysd_md_audit (0.2.5)
      data_mapper (= 1.2.0)
      ysd-persistence (>= 0.2.0)
      ysd_md_profile
    ysd_md_business_events (0.2.0)
      data_mapper (= 1.2.0)
    ysd_md_calendar (0.2.8)
      data_mapper (= 1.2.0)
    ysd_md_cms (0.2.59)
      data_mapper (= 1.2.0)
      unicode_utils
      uuid (= 2.3.5)
      ysd-persistence
      ysd_core_plugins
      ysd_data_analysis
      ysd_md_audit
      ysd_md_comparison
      ysd_md_profile
      ysd_md_rac
      ysd_md_search
      ysd_md_system
      ysd_md_translation
      ysd_md_yito
    ysd_md_comparison (0.2.13)
      dm-postgres-adapter
      do_postgres
    ysd_md_configuration (0.2.6)
      data_mapper (= 1.2.0)
      dm-ysd-encrypted
      ysd_md_yito
    ysd_md_location (0.2.6)
      data_mapper (= 1.2.0)
      ysd_core_plugins
    ysd_md_payment (0.2.33)
      data_mapper (= 1.2.0)
      json
      tilt
      ysd_core_plugins
      ysd_md_configuration
      ysd_md_translation
      ysd_md_yito
    ysd_md_profile (0.2.31)
      data_mapper (= 1.2.0)
      ysd-persistence
      ysd_core_plugins
      ysd_md_business_events
      ysd_md_comparison
      ysd_md_configuration
      ysd_md_yito
    ysd_md_rac (0.2.12)
      ysd_md_comparison
      ysd_md_profile
    ysd_md_rates (0.2.14)
      data_mapper (= 1.2.0)
      json
      ysd_md_yito
    ysd_md_search (0.2.4)
      data_mapper (>= 1.2.0)
    ysd_md_system (0.2.2)
    ysd_md_translation (0.2.1)
      data_mapper (= 1.2.0)
      r18n-core
    ysd_md_yito (0.2.9)
      useragent
    ysd_service_postal (0.1.3)
      pony (~> 1.3)
      tlsmail (~> 0.0.1)

PLATFORMS
  ruby

DEPENDENCIES
  dm-sqlite-adapter
  rake
  rspec
  rspec-its
  ysd_md_booking!
